GEM
  remote: https://rubygems.org/
  specs:
    bcrypt (3.1.10)
    byebug (8.2.0)
    mote (1.1.4)
    mote-render (1.1.0)
    pg (0.18.4)
    puma (2.15.3)

PLATFORMS
  ruby

DEPENDENCIES
  bcrypt
  byebug
  mote
  mote-render
  pg
  puma

BUNDLED WITH
   1.10.6
